GEM
  remote: https://rubygems.org/
  specs:
    CFPropertyList (2.2.8)
    diff-lcs (1.3)
    facter (2.4.6)
      CFPropertyList (~> 2.2.6)
    faker (1.6.6)
      i18n (~> 0.5)
    faraday (0.9.2)
      multipart-post (>= 1.2, < 3)
    faraday_middleware (0.10.0)
      faraday (>= 0.7.4, < 0.10)
    forgery (0.6.0)
    hiera (3.2.0)
      json_pure
    i18n (0.7.0)
    json (1.8.3)
    json_pure (1.8.3)
    librarian-puppet (2.2.3)
      librarianp (>= 0.6.3)
      puppet_forge (~> 2.1)
      rsync
    librarianp (0.6.3)
      thor (~> 0.15)
    metaclass (0.0.4)
    mini_portile2 (2.1.0)
    minitar (0.5.4)
    minitest (5.9.0)
    mocha (1.2.1)
      metaclass (~> 0.0.1)
    multipart-post (2.0.0)
    nokogiri (1.6.8)
      mini_portile2 (~> 2.1.0)
      pkg-config (~> 1.1.7)
    pkg-config (1.1.7)
    puppet (4.5.1)
      CFPropertyList (~> 2.2.6)
      facter (> 2.0, < 4)
      hiera (>= 2.0, < 4)
      json_pure
    puppet_forge (2.2.1)
      faraday (~> 0.9.0)
      faraday_middleware (>= 0.9.0, < 0.11.0)
      minitar
      semantic_puppet (~> 0.1.0)
    rake (0.8.7)
    rdoc (4.2.2)
      json (~> 1.4)
    redcarpet (3.4.0)
    rspec (3.5.0)
      rspec-core (~> 3.5.0)
      rspec-expectations (~> 3.5.0)
      rspec-mocks (~> 3.5.0)
    rspec-core (3.5.4)
      rspec-support (~> 3.5.0)
    rspec-expectations (3.5.0)
      diff-lcs (>= 1.2.0, < 2.0)
      rspec-support (~> 3.5.0)
    rspec-mocks (3.5.0)
      diff-lcs (>= 1.2.0, < 2.0)
      rspec-support (~> 3.5.0)
    rspec-support (3.5.0)
    rsync (1.0.9)
    semantic_puppet (0.1.3)
    shoulda (2.11.3)
    spidr (0.6.0)
      nokogiri (~> 1.3)
    test-unit (2.3.0)
    thor (0.19.1)
    wordlist (0.1.1)
      spidr (~> 0.2)
    yard (0.8.7.6)

PLATFORMS
  ruby

DEPENDENCIES
  faker
  forgery
  librarian-puppet
  minitest
  mocha
  nokogiri
  puppet
  rake (= 0.8.7)
  rdoc
  redcarpet
  rspec
  shoulda (= 2.11.3)
  test-unit (= 2.3.0)
  wordlist
  yard

BUNDLED WITH
   1.14.6
